PATH
  remote: .
  specs:
    omniauth-strategies-passthrough (1.0.1)
      omniauth (>= 1.9, < 3)

GEM
  remote: https://rubygems.org/
  specs:
    appraisal (2.5.0)
      bundler
      rake
      thor (>= 0.14.0)
    ast (2.4.2)
    diff-lcs (1.5.1)
    docile (1.4.0)
    hashie (5.0.0)
    json (2.7.2)
    language_server-protocol (3.17.0.3)
    omniauth (2.1.1)
      hashie (>= 3.4.6)
      rack (>= 2.2.3)
      rack-protection
    parallel (1.24.0)
    parser (3.3.2.0)
      ast (~> 2.4.1)
      racc
    racc (1.8.0)
    rack (3.0.10)
    rack-protection (3.0.6)
      rack
    rack-test (2.1.0)
      rack (>= 1.3)
    rainbow (3.1.1)
    rake (13.2.1)
    regexp_parser (2.9.2)
    rexml (3.2.8)
      strscan (>= 3.0.9)
    rspec (3.13.0)
      rspec-core (~> 3.13.0)
      rspec-expectations (~> 3.13.0)
      rspec-mocks (~> 3.13.0)
    rspec-core (3.13.0)
      rspec-support (~> 3.13.0)
    rspec-expectations (3.13.0)
      diff-lcs (>= 1.2.0, < 2.0)
      rspec-support (~> 3.13.0)
    rspec-mocks (3.13.0)
      diff-lcs (>= 1.2.0, < 2.0)
      rspec-support (~> 3.13.0)
    rspec-support (3.13.0)
    rubocop (1.62.1)
      json (~> 2.3)
      language_server-protocol (>= 3.17.0)
      parallel (~> 1.10)
      parser (>= 3.3.0.2)
      rainbow (>= 2.2.2, < 4.0)
      regexp_parser (>= 1.8, < 3.0)
      rexml (>= 3.2.5, < 4.0)
      rubocop-ast (>= 1.31.1, < 2.0)
      ruby-progressbar (~> 1.7)
      unicode-display_width (>= 2.4.0, < 3.0)
    rubocop-ast (1.31.3)
      parser (>= 3.3.1.0)
    rubocop-capybara (2.20.0)
      rubocop (~> 1.41)
    rubocop-factory_bot (2.25.1)
      rubocop (~> 1.41)
    rubocop-performance (1.21.0)
      rubocop (>= 1.48.1, < 2.0)
      rubocop-ast (>= 1.31.1, < 2.0)
    rubocop-rake (0.6.0)
      rubocop (~> 1.0)
    rubocop-rspec (2.31.0)
      rubocop (~> 1.40)
      rubocop-capybara (~> 2.17)
      rubocop-factory_bot (~> 2.22)
      rubocop-rspec_rails (~> 2.28)
    rubocop-rspec_rails (2.28.3)
      rubocop (~> 1.40)
    ruby-progressbar (1.13.0)
    simplecov (0.22.0)
      docile (~> 1.1)
      simplecov-html (~> 0.11)
      simplecov_json_formatter (~> 0.1)
    simplecov-html (0.12.3)
    simplecov_json_formatter (0.1.4)
    strscan (3.1.0)
    thor (1.2.2)
    unicode-display_width (2.5.0)

PLATFORMS
  arm64-darwin-22
  x86_64-linux

DEPENDENCIES
  appraisal
  omniauth-strategies-passthrough!
  rack
  rack-test
  rake
  rspec
  rubocop
  rubocop-performance
  rubocop-rake
  rubocop-rspec
  simplecov

BUNDLED WITH
   2.4.17
